GEM
  remote: https://rubygems.org/
  specs:
    addressable (2.2.8)
    chunky_png (1.2.5)
    compass (0.12.2.rc.1)
      chunky_png (~> 1.2)
      fssm (>= 0.2.7)
      sass (~> 3.1)
    compass-validator (3.0.1)
    css_parser (1.2.6)
      addressable
      rdoc
    em-dir-watcher (0.9.4)
    em-websocket (0.3.6)
      addressable (>= 2.1.1)
      eventmachine (>= 0.12.9)
    eventmachine (0.12.10)
    ffi (1.0.11)
    fssm (0.2.9)
    growl (1.0.3)
    guard (1.2.1)
      listen (>= 0.4.2)
      thor (>= 0.14.6)
    guard-compass (0.0.6)
      compass (>= 0.10.5)
      guard (>= 0.2.1)
    guard-livereload (1.0.0)
      em-websocket (>= 0.2.0)
      guard (>= 1.1.0)
      multi_json (~> 1.0)
    guard-shell (0.5.1)
      guard (>= 1.1.0)
    json (1.7.3)
    listen (0.4.6)
      rb-fchange (~> 0.0.5)
      rb-fsevent (~> 0.9.1)
      rb-inotify (~> 0.8.8)
    livereload (1.6.1)
      em-dir-watcher (>= 0.1)
      em-websocket (>= 0.3.5)
      json (>= 1.5.3)
    multi_json (1.3.6)
    oily_png (1.0.2)
      chunky_png (~> 1.2.1)
    rake (0.9.2.2)
    rb-fchange (0.0.5)
      ffi
    rb-fsevent (0.9.1)
    rb-inotify (0.8.8)
      ffi (>= 0.5.0)
    rdoc (3.12)
      json (~> 1.4)
    sass (3.2.0.alpha.247)
    susy (1.0.rc.1)
      compass (>= 0.12.2.rc.0)
      sass (>= 3.2.0.alpha.237)
    thor (0.15.3)
    yajl-ruby (1.1.0)

PLATFORMS
  ruby

DEPENDENCIES
  compass (~> 0.12.1)
  compass-validator
  css_parser
  growl
  guard
  guard-compass
  guard-livereload
  guard-shell
  livereload
  oily_png
  rake (~> 0.9.2)
  susy (~> 1.0.rc.0)
  yajl-ruby
